PATH
  remote: .
  specs:
    screw_server (0.1)
      bundler (= 1.0.7)
      haml (= 3.0.13)
      json (= 1.4.3)
      mongrel (= 1.1.5)
      rack (= 1.1.0)
      sinatra (= 1.0)

GEM
  remote: http://rubygems.org/
  specs:
    cgi_multipart_eof_fix (2.5.0)
    daemons (1.0.10)
    diff-lcs (1.1.2)
    fastthread (1.0.1)
    gem_plugin (0.2.3)
    haml (3.0.13)
    json (1.4.3)
    mongrel (1.1.5)
      cgi_multipart_eof_fix (>= 2.4)
      daemons (>= 1.0.3)
      fastthread (>= 1.0.1)
      gem_plugin (>= 0.2.3)
    rack (1.1.0)
    rack-test (0.5.4)
      rack (>= 1.0)
    rspec (2.2.0)
      rspec-core (~> 2.2)
      rspec-expectations (~> 2.2)
      rspec-mocks (~> 2.2)
    rspec-core (2.2.1)
    rspec-expectations (2.2.0)
      diff-lcs (~> 1.1.2)
    rspec-mocks (2.2.0)
    sinatra (1.0)
      rack (>= 1.0)

PLATFORMS
  ruby

DEPENDENCIES
  bundler (= 1.0.7)
  haml (= 3.0.13)
  json (= 1.4.3)
  mongrel (= 1.1.5)
  rack (= 1.1.0)
  rack-test (= 0.5.4)
  rspec (= 2.2.0)
  screw_server!
  sinatra (= 1.0)
